PATH
  remote: .
  specs:
    rubrik (0.1.0)
      pdf-reader (~> 2.10)
      sorbet-runtime (~> 0.5)

GEM
  remote: https://rubygems.org/
  specs:
    Ascii85 (1.1.0)
    afm (0.2.2)
    ast (2.4.2)
    coderay (1.1.3)
    diff-lcs (1.5.0)
    hashery (2.1.2)
    method_source (1.0.0)
    minitest (5.16.2)
    netrc (0.11.0)
    parallel (1.22.1)
    parser (3.1.2.1)
      ast (~> 2.4.1)
    pdf-reader (2.10.0)
      Ascii85 (~> 1.0)
      afm (~> 0.2.1)
      hashery (~> 2.0)
      ruby-rc4
      ttfunk
    pry (0.14.1)
      coderay (~> 1.1)
      method_source (~> 1.0)
    rake (13.0.6)
    rbi (0.0.15)
      ast
      parser (>= 2.6.4.0)
      sorbet-runtime (>= 0.5.9204)
      unparser
    ruby-rc4 (0.1.5)
    sorbet (0.5.10456)
      sorbet-static (= 0.5.10456)
    sorbet-runtime (0.5.10456)
    sorbet-static (0.5.10456-x86_64-linux)
    sorbet-static-and-runtime (0.5.10456)
      sorbet (= 0.5.10456)
      sorbet-runtime (= 0.5.10456)
    spoom (1.1.12)
      sorbet (>= 0.5.9204)
      sorbet-runtime (>= 0.5.9204)
      thor (>= 0.19.2)
    tapioca (0.10.1)
      bundler (>= 1.17.3)
      netrc (>= 0.11.0)
      parallel (>= 1.21.0)
      pry (>= 0.12.2)
      rbi (~> 0.0.0, >= 0.0.14)
      sorbet-static-and-runtime (>= 0.5.9204)
      spoom (~> 1.1.0, >= 1.1.11)
      thor (>= 1.2.0)
      yard-sorbet
    thor (1.2.1)
    ttfunk (1.7.0)
    unparser (0.6.5)
      diff-lcs (~> 1.3)
      parser (>= 3.1.0)
    webrick (1.7.0)
    yard (0.9.28)
      webrick (~> 1.7.0)
    yard-sorbet (0.7.0)
      sorbet-runtime (>= 0.5)
      yard (>= 0.9)

PLATFORMS
  x86_64-linux

DEPENDENCIES
  minitest (~> 5.0)
  rake (~> 13.0)
  rubrik!
  sorbet
  tapioca

BUNDLED WITH
   2.3.13
